PATH
  remote: .
  specs:
    callsite (0.0.7)

GEM
  remote: http://rubygems.org/
  specs:
    rake (0.8.7)
    rspec (1.3.2)

PLATFORMS
  ruby

DEPENDENCIES
  bundler (~> 1.0.0)
  callsite!
  rake (= 0.8.7)
  rspec (~> 1.3.0)
